NDims = 3
DimSize = 150 150 276
ElementType = MET_USHORT
ElementSpacing = 1.0 1.0 1.0
ElementByteOrderMSB = False
ElementDataFile = mouse0.raw
