NDims = 3
DimSize = 128 96 114
ElementType = MET_USHORT
ElementSpacing = 1 1 1
ElementByteOrderMSB = False
ElementDataFile = walnut.raw
