NDims = 3
DimSize = 400 296 352
ElementType = MET_UCHAR
ElementSpacing = 1 1 1
ElementByteOrderMSB = False
ElementDataFile = walnut-segmentation.raw
