NDims = 3
DimSize = 10 10 10
ElementType = MET_UCHAR
ElementSpacing = 1.0 1.0 1.0
ElementByteOrderMSB = False
ElementDataFile = cube.raw
