NDims = 3
DimSize = 256 256 99
ElementType = MET_UCHAR
ElementSpacing = 1.0 1.0 1.0
ElementByteOrderMSB = False
ElementDataFile = MRbrain.raw
