NDims = 3
DimSize = 129 129 129
ElementType = MET_UCHAR
ElementSpacing = 1.0 1.0 1.0
ElementByteOrderMSB = False
ElementDataFile = Orbits.raw
